GEM
  remote: http://rubygems.org/
  specs:
    childprocess (0.3.1)
      ffi (~> 1.0.6)
    diff-lcs (1.1.3)
    ffi (1.0.11)
    multi_json (1.0.4)
    page-object (0.6.2)
      selenium-webdriver (>= 2.19.0)
      watir-webdriver (>= 0.5.3)
    rspec (2.8.0)
      rspec-core (~> 2.8.0)
      rspec-expectations (~> 2.8.0)
      rspec-mocks (~> 2.8.0)
    rspec-core (2.8.0)
    rspec-expectations (2.8.0)
      diff-lcs (~> 1.1.2)
    rspec-mocks (2.8.0)
    rubyzip (2.0.0)
    selenium-webdriver (2.19.0)
      childprocess (>= 0.2.5)
      ffi (~> 1.0.9)
      multi_json (~> 1.0.4)
      rubyzip
    watir-webdriver (0.5.3)
      selenium-webdriver (>= 2.12.0)

PLATFORMS
  ruby

DEPENDENCIES
  page-object (~> 0.6.2)
  rspec (~> 2.8.0)
